PATH
  remote: .
  specs:
    betteruptime (0.1.0)
      actionpack
      railties
      sidekiq-scheduler (>= 5.0.0.beta2)
      sourcify

GEM
  remote: https://rubygems.org/
  specs:
    actionpack (7.0.4.3)
      actionview (= 7.0.4.3)
      activesupport (= 7.0.4.3)
      rack (~> 2.0, >= 2.2.0)
      rack-test (>= 0.6.3)
      rails-dom-testing (~> 2.0)
      rails-html-sanitizer (~> 1.0, >= 1.2.0)
    actionview (7.0.4.3)
      activesupport (= 7.0.4.3)
      builder (~> 3.1)
      erubi (~> 1.4)
      rails-dom-testing (~> 2.0)
      rails-html-sanitizer (~> 1.1, >= 1.2.0)
    activesupport (7.0.4.3)
      concurrent-ruby (~> 1.0, >= 1.0.2)
      i18n (>= 1.6, < 2)
      minitest (>= 5.1)
      tzinfo (~> 2.0)
    addressable (2.8.1)
      public_suffix (>= 2.0.2, < 6.0)
    ast (2.4.2)
    builder (3.2.4)
    circle_ci_wrapper (0.0.6)
    claide (1.1.0)
    claide-plugins (0.9.2)
      cork
      nap
      open4 (~> 1.3)
    colored2 (3.1.2)
    concurrent-ruby (1.2.2)
    connection_pool (2.3.0)
    cork (0.3.0)
      colored2 (~> 3.1)
    crass (1.0.6)
    danger (9.0.0)
      claide (~> 1.0)
      claide-plugins (>= 0.9.2)
      colored2 (~> 3.1)
      cork (~> 0.1)
      faraday (>= 0.9.0, < 2.0)
      faraday-http-cache (~> 2.0)
      git (~> 1.7)
      kramdown (~> 2.3)
      kramdown-parser-gfm (~> 1.0)
      no_proxy_fix
      octokit (~> 5.0)
      terminal-table (>= 1, < 4)
    danger-plugin-api (1.0.0)
      danger (> 2.0)
    danger-rcov (3.0.0)
      circle_ci_wrapper (~> 0.0.1)
      danger-plugin-api (~> 1.0)
    diff-lcs (1.5.0)
    docile (1.4.0)
    erubi (1.11.0)
    et-orbi (1.2.7)
      tzinfo
    faraday (1.10.2)
      faraday-em_http (~> 1.0)
      faraday-em_synchrony (~> 1.0)
      faraday-excon (~> 1.1)
      faraday-httpclient (~> 1.0)
      faraday-multipart (~> 1.0)
      faraday-net_http (~> 1.0)
      faraday-net_http_persistent (~> 1.0)
      faraday-patron (~> 1.0)
      faraday-rack (~> 1.0)
      faraday-retry (~> 1.0)
      ruby2_keywords (>= 0.0.4)
    faraday-em_http (1.0.0)
    faraday-em_synchrony (1.0.0)
    faraday-excon (1.1.0)
    faraday-http-cache (2.4.1)
      faraday (>= 0.8)
    faraday-httpclient (1.0.1)
    faraday-multipart (1.0.4)
      multipart-post (~> 2)
    faraday-net_http (1.0.1)
    faraday-net_http_persistent (1.2.0)
    faraday-patron (1.0.0)
    faraday-rack (1.0.0)
    faraday-retry (1.0.3)
    file-tail (1.2.0)
      tins (~> 1.0)
    fugit (1.8.0)
      et-orbi (~> 1, >= 1.2.7)
      raabro (~> 1.4)
    git (1.13.1)
      addressable (~> 2.8)
      rchardet (~> 1.8)
    i18n (1.12.0)
      concurrent-ruby (~> 1.0)
    json (2.6.3)
    kramdown (2.4.0)
      rexml
    kramdown-parser-gfm (1.1.0)
      kramdown (~> 2.0)
    loofah (2.19.1)
      crass (~> 1.0.2)
      nokogiri (>= 1.5.9)
    method_source (1.0.0)
    mini_portile2 (2.8.1)
    minitest (5.18.0)
    multipart-post (2.2.3)
    nap (1.1.0)
    no_proxy_fix (0.1.2)
    nokogiri (1.14.3)
      mini_portile2 (~> 2.8.0)
      racc (~> 1.4)
    nokogiri (1.14.3-aarch64-linux)
      racc (~> 1.4)
    nokogiri (1.14.3-x86_64-darwin)
      racc (~> 1.4)
    nokogiri (1.14.3-x86_64-linux)
      racc (~> 1.4)
    octokit (5.6.1)
      faraday (>= 1, < 3)
      sawyer (~> 0.9)
    open4 (1.3.4)
    parallel (1.22.1)
    parser (3.1.3.0)
      ast (~> 2.4.1)
    public_suffix (5.0.1)
    raabro (1.4.0)
    racc (1.6.2)
    rack (2.2.6.4)
    rack-test (2.0.2)
      rack (>= 1.3)
    rails-dom-testing (2.0.3)
      activesupport (>= 4.2.0)
      nokogiri (>= 1.6)
    rails-html-sanitizer (1.4.4)
      loofah (~> 2.19, >= 2.19.1)
    railties (7.0.4.3)
      actionpack (= 7.0.4.3)
      activesupport (= 7.0.4.3)
      method_source
      rake (>= 12.2)
      thor (~> 1.0)
      zeitwerk (~> 2.5)
    rainbow (3.1.1)
    rake (13.0.6)
    rchardet (1.8.0)
    redis-client (0.11.2)
      connection_pool
    regexp_parser (2.6.1)
    rexml (3.2.5)
    rspec-core (3.12.0)
      rspec-support (~> 3.12.0)
    rspec-expectations (3.12.1)
      diff-lcs (>= 1.2.0, < 2.0)
      rspec-support (~> 3.12.0)
    rspec-mocks (3.12.1)
      diff-lcs (>= 1.2.0, < 2.0)
      rspec-support (~> 3.12.0)
    rspec-rails (6.0.1)
      actionpack (>= 6.1)
      activesupport (>= 6.1)
      railties (>= 6.1)
      rspec-core (~> 3.11)
      rspec-expectations (~> 3.11)
      rspec-mocks (~> 3.11)
      rspec-support (~> 3.11)
    rspec-support (3.12.0)
    rubocop (1.41.0)
      json (~> 2.3)
      parallel (~> 1.10)
      parser (>= 3.1.2.1)
      rainbow (>= 2.2.2, < 4.0)
      regexp_parser (>= 1.8, < 3.0)
      rexml (>= 3.2.5, < 4.0)
      rubocop-ast (>= 1.23.0, < 2.0)
      ruby-progressbar (~> 1.7)
      unicode-display_width (>= 1.4.0, < 3.0)
    rubocop-ast (1.24.0)
      parser (>= 3.1.1.0)
    rubocop-performance (1.15.1)
      rubocop (>= 1.7.0, < 2.0)
      rubocop-ast (>= 0.4.0)
    ruby-progressbar (1.11.0)
    ruby2_keywords (0.0.5)
    ruby2ruby (2.5.0)
      ruby_parser (~> 3.1)
      sexp_processor (~> 4.6)
    ruby_parser (3.19.2)
      sexp_processor (~> 4.16)
    rufus-scheduler (3.8.2)
      fugit (~> 1.1, >= 1.1.6)
    sawyer (0.9.2)
      addressable (>= 2.3.5)
      faraday (>= 0.17.3, < 3)
    sexp_processor (4.16.1)
    sidekiq (7.0.2)
      concurrent-ruby (< 2)
      connection_pool (>= 2.3.0)
      rack (>= 2.2.4)
      redis-client (>= 0.11.0)
    sidekiq-scheduler (5.0.0.beta2)
      rufus-scheduler (~> 3.2)
      sidekiq (>= 4, < 8)
      tilt (>= 1.4.0)
    simplecov (0.21.2)
      docile (~> 1.1)
      simplecov-html (~> 0.11)
      simplecov_json_formatter (~> 0.1)
    simplecov-html (0.12.3)
    simplecov-json (0.2.3)
      json
      simplecov
    simplecov-shield-json (1.0.1)
      json
      simplecov
    simplecov_json_formatter (0.1.4)
    sourcify (0.5.0)
      file-tail (>= 1.0.5)
      ruby2ruby (>= 1.2.5)
      ruby_parser (>= 2.0.5)
      sexp_processor (>= 3.0.5)
    sync (0.5.0)
    terminal-table (3.0.2)
      unicode-display_width (>= 1.1.1, < 3)
    thor (1.2.1)
    tilt (2.0.11)
    tins (1.32.1)
      sync
    tzinfo (2.0.6)
      concurrent-ruby (~> 1.0)
    unicode-display_width (2.3.0)
    zeitwerk (2.6.6)

PLATFORMS
  -darwin-21
  aarch64-linux
  x86_64-darwin-19
  x86_64-darwin-20
  x86_64-linux

DEPENDENCIES
  betteruptime!
  bundler (~> 2.0)
  danger-rcov (~> 3.0.0)
  rake (~> 13.0)
  rspec-rails
  rubocop (>= 0.74.0)
  rubocop-performance (>= 1.4.1)
  simplecov-json
  simplecov-shield-json

BUNDLED WITH
   2.2.22
